PATH
  remote: .
  specs:
    mailmanager (1.0.18)
      json (~> 1.4.6)
      open4 (~> 1.0.1)

GEM
  remote: http://rubygems.org/
  specs:
    ZenTest (4.4.2)
    archive-tar-minitar (0.5.2)
    builder (3.0.0)
    ci_reporter (1.6.4)
      builder (>= 2.1.2)
    columnize (0.3.2)
    cucumber (0.10.0)
      builder (>= 2.1.2)
      diff-lcs (~> 1.1.2)
      gherkin (~> 2.3.2)
      json (~> 1.4.6)
      term-ansicolor (~> 1.0.5)
    diff-lcs (1.1.2)
    gherkin (2.3.3)
      json (~> 1.4.6)
    json (1.4.6)
    linecache19 (0.5.11)
      ruby_core_source (>= 0.1.4)
    open4 (1.0.1)
    rspec (2.4.0)
      rspec-core (~> 2.4.0)
      rspec-expectations (~> 2.4.0)
      rspec-mocks (~> 2.4.0)
    rspec-core (2.4.0)
    rspec-expectations (2.4.0)
      diff-lcs (~> 1.1.2)
    rspec-mocks (2.4.0)
    ruby-debug-base19 (0.11.24)
      columnize (>= 0.3.1)
      linecache19 (>= 0.5.11)
      ruby_core_source (>= 0.1.4)
    ruby-debug19 (0.11.6)
      columnize (>= 0.3.1)
      linecache19 (>= 0.5.11)
      ruby-debug-base19 (>= 0.11.19)
    ruby_core_source (0.1.4)
      archive-tar-minitar (>= 0.5.2)
    simplecov (0.3.9)
      simplecov-html (>= 0.3.7)
    simplecov-html (0.3.9)
    simplecov-rcov (0.1.2)
      simplecov
    term-ansicolor (1.0.5)

PLATFORMS
  ruby

DEPENDENCIES
  ZenTest (~> 4.4.2)
  ci_reporter
  cucumber
  mailmanager!
  rspec (~> 2.4.0)
  ruby-debug19
  simplecov
  simplecov-rcov
